PATH
  remote: .
  specs:
    invokable (0.7.2)

GEM
  remote: https://rubygems.org/
  specs:
    diff-lcs (1.4.4)
    rake (13.0.1)
    rspec (3.10.0)
      rspec-core (~> 3.10.0)
      rspec-expectations (~> 3.10.0)
      rspec-mocks (~> 3.10.0)
    rspec-core (3.10.0)
      rspec-support (~> 3.10.0)
    rspec-expectations (3.10.0)
      diff-lcs (>= 1.2.0, < 2.0)
      rspec-support (~> 3.10.0)
    rspec-mocks (3.10.0)
      diff-lcs (>= 1.2.0, < 2.0)
      rspec-support (~> 3.10.0)
    rspec-support (3.10.0)
    yard (0.9.25)

PLATFORMS
  java
  ruby

DEPENDENCIES
  bundler (~> 2.1)
  invokable!
  rake (~> 13.0)
  rspec (~> 3.0)
  yard

BUNDLED WITH
   2.2.3
